GIT
  remote: git://github.com/thegreatape/goodreads.git
  revision: 6f1b374c8f6e676dc98a5c1e88a77fc2aa41d31f
  ref: 6f1b374
  specs:
    goodreads (0.1.1)
      activesupport (~> 3.0.0)
      hashie (~> 1.0.0)
      i18n (~> 0.5)
      rest-client (~> 1.6.1)

GEM
  remote: http://rubygems.org/
  specs:
    SystemTimer (1.2.3)
    activesupport (3.0.10)
    bcrypt-ruby (3.0.1)
    haml (3.1.3)
    hashie (1.0.0)
    hpricot (0.8.4)
    http_router (0.7.10)
      rack (>= 1.0.0)
      url_mount (~> 0.2.1)
    i18n (0.6.0)
    json (1.6.1)
    mime-types (1.16)
    multi_json (1.0.3)
    oauth (0.4.5)
    padrino-core (0.9.29)
      activesupport (>= 3.0.0)
      http_router (~> 0.7.8)
      sinatra (~> 1.2.6)
      thor (>= 0.14.3)
      tilt (~> 1.3.0)
    padrino-helpers (0.9.29)
      i18n (>= 0.4.1)
      padrino-core (= 0.9.29)
    rack (1.3.3)
    rack-test (0.5.7)
      rack (>= 1.0)
    redis (2.2.2)
    redis-namespace (1.0.3)
      redis (< 3.0.0)
    resque (1.19.0)
      multi_json (~> 1.0)
      redis-namespace (~> 1.0.2)
      sinatra (>= 0.9.2)
      vegas (~> 0.1.2)
    resque-scheduler (1.9.9)
      redis (>= 2.0.1)
      resque (>= 1.8.0)
      rufus-scheduler
    rest-client (1.6.7)
      mime-types (>= 1.16)
    rufus-scheduler (2.0.8)
      tzinfo (>= 0.3.23)
    sass (3.1.7)
    sinatra (1.2.6)
      rack (~> 1.1)
      tilt (< 2.0, >= 1.2.2)
    sinatra-redis (0.3.0)
      redis
      sinatra (>= 0.9.4)
    thor (0.14.6)
    tilt (1.3.3)
    tzinfo (0.3.26)
    url_mount (0.2.1)
      rack
    vegas (0.1.8)
      rack (>= 1.0.0)

PLATFORMS
  ruby

DEPENDENCIES
  SystemTimer
  bcrypt-ruby (>= 3.0.0)
  goodreads!
  haml (>= 3.1.2)
  hpricot (>= 0.8.4)
  json (>= 1.5.4)
  oauth (>= 0.4.5)
  padrino-helpers
  rack-test
  resque
  resque-scheduler
  sass (>= 3.1.7)
  sinatra (>= 1.2.6)
  sinatra-redis (>= 0.3.0)
